PATH
  remote: .
  specs:
    qmetrics (0.1.0)
      activesupport (~> 5.2.1)
      influxdb (~> 0.6.0)

GEM
  remote: https://rubygems.org/
  specs:
    activesupport (5.2.1)
      concurrent-ruby (~> 1.0, >= 1.0.2)
      i18n (>= 0.7, < 2)
      minitest (~> 5.1)
      tzinfo (~> 1.1)
    concurrent-ruby (1.0.5)
    coveralls (0.8.22)
      json (>= 1.8, < 3)
      simplecov (~> 0.16.1)
      term-ansicolor (~> 1.3)
      thor (~> 0.19.4)
      tins (~> 1.6)
    docile (1.3.1)
    i18n (1.1.0)
      concurrent-ruby (~> 1.0)
    influxdb (0.6.0)
    json (2.1.0)
    minitest (5.11.3)
    rake (10.4.2)
    simplecov (0.16.1)
      docile (~> 1.1)
      json (>= 1.8, < 3)
      simplecov-html (~> 0.10.0)
    simplecov-html (0.10.2)
    term-ansicolor (1.6.0)
      tins (~> 1.0)
    thor (0.19.4)
    thread_safe (0.3.6)
    tins (1.16.3)
    tzinfo (1.2.5)
      thread_safe (~> 0.1)

PLATFORMS
  ruby

DEPENDENCIES
  activesupport
  coveralls
  influxdb
  minitest (~> 5.11)
  qmetrics!
  rake (~> 10.0)

BUNDLED WITH
   1.16.3
